GIT
  remote: git://github.com/jekyll/jekyll.git
  revision: 182a49fcff1ab7c3ad59df34ad8877848c4ec890
  specs:
    jekyll (1.4.3)
      classifier (~> 1.3)
      colorator (~> 0.1)
      jekyll-coffeescript (~> 1.0)
      liquid (~> 2.5.5)
      listen (~> 1.3)
      maruku (= 0.7.0)
      mercenary (~> 0.2.0)
      pygments.rb (~> 0.5.0)
      redcarpet (~> 3.0)
      safe_yaml (~> 1.0)
      sass (~> 3.2)
      toml (~> 0.1.0)

GIT
  remote: git://github.com/vmg/redcarpet.git
  revision: 48e0d676e62c964a59e382e8d852a53526c1b5c3
  specs:
    redcarpet (3.0.0)

GEM
  remote: http://rubygems.org/
  specs:
    blankslate (2.1.2.4)
    classifier (1.3.4)
      fast-stemmer (>= 1.0.0)
    coffee-script (2.2.0)
      coffee-script-source
      execjs
    coffee-script-source (1.7.0)
    colorator (0.1)
    daemons (1.1.9)
    eventmachine (1.0.3)
    execjs (2.0.2)
    fast-stemmer (1.0.2)
    ffi (1.9.3)
    jekyll-coffeescript (1.0.0)
      coffee-script (~> 2.2)
    liquid (2.5.5)
    listen (1.3.1)
      rb-fsevent (>= 0.9.3)
      rb-inotify (>= 0.9)
      rb-kqueue (>= 0.2)
    maruku (0.7.0)
    mercenary (0.2.1)
    parslet (1.5.0)
      blankslate (~> 2.0)
    posix-spawn (0.3.8)
    pygments.rb (0.5.4)
      posix-spawn (~> 0.3.6)
      yajl-ruby (~> 1.1.0)
    rack (1.5.2)
    rack-jekyll (0.4.1)
      jekyll (>= 0.12.0, < 2.0)
      rack (~> 1.5.0)
    rack-rewrite (1.5.0)
    rb-fsevent (0.9.4)
    rb-inotify (0.9.3)
      ffi (>= 0.5.0)
    rb-kqueue (0.2.0)
      ffi (>= 0.5.0)
    rouge (1.3.2)
    safe_yaml (1.0.1)
    sass (3.2.14)
    shotgun (0.9)
      rack (>= 1.0)
    thin (1.6.1)
      daemons (>= 1.0.9)
      eventmachine (>= 1.0.0)
      rack (>= 1.0.0)
    toml (0.1.0)
      parslet (~> 1.5.0)
    yajl-ruby (1.1.0)

PLATFORMS
  ruby

DEPENDENCIES
  jekyll (~> 1.4.3)!
  rack-jekyll (~> 0.4.1)
  rack-rewrite (~> 1.5.0)
  redcarpet (~> 3.0.0)!
  rouge (~> 1.3.2)
  shotgun
  thin
